PATH
  remote: .
  specs:
    uniform_notifier (1.0.2)

GEM
  remote: http://rubygems.org/
  specs:
    diff-lcs (1.1.3)
    rspec (2.8.0)
      rspec-core (~> 2.8.0)
      rspec-expectations (~> 2.8.0)
      rspec-mocks (~> 2.8.0)
    rspec-core (2.8.0)
    rspec-expectations (2.8.0)
      diff-lcs (~> 1.1.2)
    rspec-mocks (2.8.0)
    ruby-growl (3.0)
    ruby_gntp (0.3.4)
    xmpp4r (0.5)

PLATFORMS
  ruby

DEPENDENCIES
  rspec
  ruby-growl (= 3.0)
  ruby_gntp (= 0.3.4)
  uniform_notifier!
  xmpp4r (= 0.5)
