GIT
  remote: git://github.com/albertbellonch/piet.git
  revision: 630a98bef1595fb2a138e98ff9aaefbca987a999
  ref: 630a98bef1595fb2a138e98ff9aaefbca987a999
  specs:
    piet (0.1.3)
      png_quantizator

GIT
  remote: git://github.com/nelsonmhjr/rubber.git
  revision: 52dcf2b68bc67e0ffbe8a3ee02af03fdfd53839e
  branch: newrelic
  specs:
    rubber (2.5.3)
      capistrano (~> 2.12)
      clamp
      fog (~> 1.6)
      json
      net-ssh (~> 2.6)
      open4
      thor

GIT
  remote: git://github.com/nicksieger/ci_reporter.git
  revision: cc6e557a43d099f3961908901f4603438cdceb28
  specs:
    ci_reporter (1.9.0)
      builder (>= 2.1.2)

GIT
  remote: git://github.com/olook/clearsale.git
  revision: 753e9e24103859f7a10e242caa05fb18ff7c6c38
  branch: master
  specs:
    clearsale (0.1.3)
      builder
      savon

GIT
  remote: git://github.com/olook/moip-ruby.git
  revision: 4a08c2558698222ac37db1ee88bcfb95ffce23cf
  branch: master
  specs:
    moip (1.0.2.3)
      activesupport (~> 3.2.2)
      httparty (~> 0.8.1)
      nokogiri (~> 1.5.0)

GIT
  remote: git@github.com:olook/boleto_bancario.git
  revision: 3bbe354eb1273a22d188f187c6412c9ced10c978
  branch: homologacao_santander
  specs:
    boleto_bancario (0.0.2.beta)
      actionpack (~> 3.2)
      activemodel (~> 3.2)
      activesupport (~> 3.2)
      barby (~> 0.5.1)
      chunky_png (~> 1.2.7)

GIT
  remote: git@github.com:olook/chaordic-packr.git
  revision: 568baf36fe8765eff7d3b58f15617a3840e50712
  branch: master
  specs:
    chaordic-packr (4.0.0)

GIT
  remote: git@github.com:olook/obraspag.git
  revision: 4763c2010483a3d29fe41de776f087b3a56e56f0
  branch: master
  specs:
    obraspag (0.0.31)
      active_attr (>= 0.6)
      httpi (>= 0.9.7)
      json (>= 1.6.1)
      nokogiri (>= 1.4.7)
      savon (= 0.9.9)

PATH
  remote: vendor/gems
  specs:
    glennfu-contacts (1.2.6)
      fastercsv (>= 1.5.4)
      gdata_19 (>= 1.1.3)
      hpricot (>= 0.8.4)
      json (>= 1.1.1)

GEM
  remote: http://rubygems.org/
  specs:
    POpen4 (0.1.4)
      Platform (>= 0.4.0)
      open4
    Platform (0.4.0)
    SyslogLogger (1.4.1)
    actionmailer (3.2.13)
      actionpack (= 3.2.13)
      mail (~> 2.5.3)
    actionpack (3.2.13)
      activemodel (= 3.2.13)
      activesupport (= 3.2.13)
      builder (~> 3.0.0)
      erubis (~> 2.7.0)
      journey (~> 1.0.4)
      rack (~> 1.4.5)
      rack-cache (~> 1.2)
      rack-test (~> 0.6.1)
      sprockets (~> 2.2.1)
    active_attr (0.8.2)
      activemodel (>= 3.0.2, < 4.1)
      activesupport (>= 3.0.2, < 4.1)
    activemodel (3.2.13)
      activesupport (= 3.2.13)
      builder (~> 3.0.0)
    activerecord (3.2.13)
      activemodel (= 3.2.13)
      activesupport (= 3.2.13)
      arel (~> 3.0.2)
      tzinfo (~> 0.3.29)
    activeresource (3.2.13)
      activemodel (= 3.2.13)
      activesupport (= 3.2.13)
    activesupport (3.2.13)
      i18n (= 0.6.1)
      multi_json (~> 1.0)
    acts_as_list (0.1.9)
    addressable (2.3.3)
    airbrake (3.1.8)
      activesupport
      builder
      json
    akami (1.2.0)
      gyoku (>= 0.4.0)
      nokogiri (>= 1.4.0)
    arel (3.0.2)
    asset_sync (0.5.4)
      activemodel
      fog
    awesome_print (1.1.0)
    aws-sdk (1.18.0)
      json (~> 1.4)
      nokogiri (< 1.6.0)
      uuidtools (~> 2.1)
    barby (0.5.1)
    bcrypt-ruby (3.0.1)
    better_errors (0.9.0)
      coderay (>= 1.0.0)
      erubis (>= 2.6.6)
    bourne (1.1.2)
      mocha (= 0.10.5)
    brcpfcnpj (3.0.4)
      actionpack (>= 3.0.0)
      activesupport (>= 3.0.0)
    builder (3.0.4)
    bullet (4.3.1)
      uniform_notifier
    business_time (0.6.1)
      activesupport (>= 3.1.0)
      tzinfo (~> 0.3.31)
    cancan (1.6.9)
    capistrano (2.15.5)
      highline
      net-scp (>= 1.0.0)
      net-sftp (>= 2.0.0)
      net-ssh (>= 2.0.14)
      net-ssh-gateway (>= 1.1.0)
    capistrano-maintenance (0.0.2)
      capistrano (>= 2.0.0)
    capybara (2.0.2)
      mime-types (>= 1.16)
      nokogiri (>= 1.3.3)
      rack (>= 1.0.0)
      rack-test (>= 0.5.4)
      selenium-webdriver (~> 2.0)
      xpath (~> 1.0.0)
    carrierwave (0.6.2)
      activemodel (>= 3.2.0)
      activesupport (>= 3.2.0)
    childprocess (0.3.9)
      ffi (~> 1.0, >= 1.0.11)
    choice (0.1.6)
    chronic (0.9.0)
    chunky_png (1.2.8)
    clamp (0.6.1)
    coderay (1.0.9)
    crack (0.4.1)
      safe_yaml (~> 0.9.0)
    curb (0.8.3)
    daemons (1.1.9)
    dalli (2.0.2)
    database_cleaner (0.9.1)
    delorean (2.1.0)
      chronic
    devise (1.5.4)
      bcrypt-ruby (~> 3.0)
      orm_adapter (~> 0.0.3)
      warden (~> 1.1)
    diff-lcs (1.1.3)
    enumerate_it (0.7.17)
      activesupport (>= 3.0.0)
    equivalent-xml (0.2.9)
      nokogiri (>= 1.4.3)
    erubis (2.7.0)
    eventmachine (1.0.3)
    excon (0.25.3)
    execjs (1.4.0)
      multi_json (~> 1.0)
    factory_girl (4.2.0)
      activesupport (>= 3.0.0)
    factory_girl_rails (4.2.1)
      factory_girl (~> 4.2.0)
      railties (>= 3.0.0)
    faker (1.1.2)
      i18n (~> 0.5)
    faraday (0.7.6)
      addressable (~> 2.2)
      multipart-post (~> 1.1)
      rack (~> 1.1)
    fastercsv (1.5.5)
    faye-websocket (0.4.7)
      eventmachine (>= 0.12.0)
    fb-channel-file (0.0.2)
      rails (>= 3.0)
    ffi (1.9.0)
    fog (1.15.0)
      builder
      excon (~> 0.25.0)
      formatador (~> 0.2.0)
      mime-types
      multi_json (~> 1.0)
      net-scp (~> 1.1)
      net-ssh (>= 2.1.3)
      nokogiri (~> 1.5)
      ruby-hmac
    formatador (0.2.4)
    fuubar (1.1.0)
      rspec (~> 2.0)
      rspec-instafail (~> 0.2.0)
      ruby-progressbar (~> 1.0.0)
    gdata_19 (1.1.5)
    guard (1.6.2)
      listen (>= 0.6.0)
      lumberjack (>= 1.0.2)
      pry (>= 0.9.10)
      terminal-table (>= 1.4.3)
      thor (>= 0.14.6)
    guard-rspec (2.5.0)
      guard (>= 1.1)
      rspec (~> 2.11)
    guard-spork (1.5.0)
      childprocess (>= 0.2.3)
      guard (>= 1.1)
      spork (>= 0.8.4)
    gyoku (0.4.6)
      builder (>= 2.1.2)
    haml (4.0.0)
      tilt
    haml-rails (0.4)
      actionpack (>= 3.1, < 4.1)
      activesupport (>= 3.1, < 4.1)
      haml (>= 3.1, < 4.1)
      railties (>= 3.1, < 4.1)
    hashie (1.2.0)
    highline (1.6.19)
    hike (1.2.2)
    hpricot (0.8.6)
    http_parser.rb (0.5.3)
    httparty (0.8.3)
      multi_json (~> 1.0)
      multi_xml
    httpi (0.9.7)
      rack
    i18n (0.6.1)
    jasmine (1.3.2)
      jasmine-core (~> 1.3.1)
      rack (~> 1.0)
      rspec (>= 1.3.1)
      selenium-webdriver (>= 0.1.3)
    jasmine-core (1.3.1)
    journey (1.0.4)
    jquery-rails (1.0.19)
      railties (~> 3.0)
      thor (~> 0.14)
    json (1.8.1)
    kgio (2.8.0)
    koala (1.3.0)
      faraday (~> 0.7.0)
      multi_json (~> 1.0)
    launchy (2.2.0)
      addressable (~> 2.3)
    libv8 (3.3.10.4)
    listen (0.7.3)
    lumberjack (1.0.2)
    mail (2.5.3)
      i18n (>= 0.4.0)
      mime-types (~> 1.16)
      treetop (~> 1.4.8)
    meta_search (1.1.3)
      actionpack (~> 3.1)
      activerecord (~> 3.1)
      activesupport (~> 3.1)
      polyamorous (~> 0.5.0)
    metaclass (0.0.1)
    method_source (0.8.1)
    mime-types (1.25)
    mini_magick (3.3)
      subexec (~> 0.1.0)
    mocha (0.10.5)
      metaclass (~> 0.0.1)
    multi_json (1.0.4)
    multi_xml (0.4.4)
    multipart-post (1.2.0)
    mysql2 (0.3.11)
    net-scp (1.1.2)
      net-ssh (>= 2.6.5)
    net-sftp (2.1.2)
      net-ssh (>= 2.6.5)
    net-ssh (2.7.0)
    net-ssh-gateway (1.2.0)
      net-ssh (>= 2.6.5)
    newrelic_rpm (3.5.8.72)
    nokogiri (1.5.10)
    nori (1.1.5)
    oa-core (0.3.2)
    oa-oauth (0.3.2)
      faraday (~> 0.7.3)
      multi_json (~> 1.0.0)
      multi_xml (~> 0.4.0)
      oa-core (= 0.3.2)
      oauth (~> 0.4.0)
      oauth2 (~> 0.5.0)
    oauth (0.4.7)
    oauth2 (0.5.2)
      faraday (~> 0.7)
      multi_json (~> 1.0)
    oj (2.0.10)
    omniauth (1.0.3)
      hashie (~> 1.2)
      rack
    omniauth-facebook (1.2.0)
      omniauth-oauth2 (~> 1.0.0)
    omniauth-oauth2 (1.0.0)
      oauth2 (~> 0.5.0)
      omniauth (~> 1.0)
    open4 (1.3.0)
    orm_adapter (0.0.7)
    paper_trail (2.7.1)
      activerecord (~> 3.0)
      railties (~> 3.0)
    parallel (0.6.3)
    parallel_tests (0.10.4)
      parallel
    png_quantizator (0.1.0)
    poltergeist (1.1.2)
      capybara (~> 2.0.1)
      faye-websocket (~> 0.4.4)
      http_parser.rb (~> 0.5.3)
    polyamorous (0.5.0)
      activerecord (~> 3.0)
    polyglot (0.3.3)
    pry (0.9.12)
      coderay (~> 1.0.5)
      method_source (~> 0.8)
      slop (~> 3.4)
    pry-nav (0.2.3)
      pry (~> 0.9.10)
    puma (1.6.3)
      rack (~> 1.2)
    rack (1.4.5)
    rack-cache (1.2)
      rack (>= 0.4)
    rack-mini-profiler (0.1.23)
      rack (>= 1.1.3)
    rack-protection (1.3.2)
      rack
      slop (~> 3.4)
    rack-ssl (1.3.3)
      rack
    rack-test (0.6.2)
      rack (>= 1.0)
    rails (3.2.13)
      actionmailer (= 3.2.13)
      actionpack (= 3.2.13)
      activerecord (= 3.2.13)
      activeresource (= 3.2.13)
      activesupport (= 3.2.13)
      bundler (~> 1.0)
      railties (= 3.2.13)
    rails-erd (1.0.0)
      activerecord (>= 3.0)
      activesupport (>= 3.0)
      choice (~> 0.1.6)
      ruby-graphviz (~> 1.0.4)
    rails-settings-cached (0.2.4)
      rails (>= 3.0.0)
    railties (3.2.13)
      actionpack (= 3.2.13)
      activesupport (= 3.2.13)
      rack-ssl (~> 1.3.2)
      rake (>= 0.8.7)
      rdoc (~> 3.4)
      thor (>= 0.14.6, < 2.0)
    raindrops (0.10.0)
    rake (0.9.2)
    rb-fchange (0.0.6)
      ffi
    rb-fsevent (0.9.3)
    rb-inotify (0.9.0)
      ffi (>= 0.5.0)
    rdoc (3.12.2)
      json (~> 1.4)
    redis (2.2.2)
    redis-actionpack (3.2.4)
      actionpack (~> 3.2.0)
      redis-rack (~> 1.4.4)
      redis-store (~> 1.1.4)
    redis-activesupport (3.2.4)
      activesupport (~> 3.2.0)
      redis-store (~> 1.1.0)
    redis-namespace (1.0.3)
      redis (< 3.0.0)
    redis-rack (1.4.4)
      rack (~> 1.4.0)
      redis-store (~> 1.1.4)
    redis-rails (3.2.4)
      redis-actionpack (~> 3.2.4)
      redis-activesupport (~> 3.2.4)
      redis-store (~> 1.1.4)
    redis-store (1.1.4)
      redis (>= 2.2)
    resque (1.20.0)
      multi_json (~> 1.0)
      redis-namespace (~> 1.0.2)
      sinatra (>= 0.9.2)
      vegas (~> 0.1.2)
    resque-pool (0.3.0)
      rake
      resque (~> 1.20)
      trollop (~> 1.16)
    resque-scheduler (2.0.0)
      redis (>= 2.0.1)
      resque (>= 1.20.0)
      rufus-scheduler
    resque_mailer (2.0.3)
      actionmailer (>= 3.0.0)
      resque (>= 1.2.3)
    rspec (2.12.0)
      rspec-core (~> 2.12.0)
      rspec-expectations (~> 2.12.0)
      rspec-mocks (~> 2.12.0)
    rspec-core (2.12.2)
    rspec-expectations (2.12.1)
      diff-lcs (~> 1.1.3)
    rspec-instafail (0.2.4)
    rspec-mocks (2.12.1)
    rspec-rails (2.12.2)
      actionpack (>= 3.0)
      activesupport (>= 3.0)
      railties (>= 3.0)
      rspec-core (~> 2.12.0)
      rspec-expectations (~> 2.12.0)
      rspec-mocks (~> 2.12.0)
    ruby-graphviz (1.0.8)
    ruby-hmac (0.4.0)
    ruby-progressbar (1.0.2)
    rubyzip (0.9.9)
    rufus-scheduler (2.0.18)
      tzinfo (>= 0.3.23)
    safe_yaml (0.9.7)
    sass (3.2.7)
    sass-rails (3.2.6)
      railties (~> 3.2.0)
      sass (>= 3.1.10)
      tilt (~> 1.3)
    savon (0.9.9)
      akami (~> 1.0)
      builder (>= 2.1.2)
      gyoku (>= 0.4.0)
      httpi (~> 0.9)
      nokogiri (>= 1.4.0)
      nori (~> 1.1)
      wasabi (~> 2.1)
    selenium-webdriver (2.35.1)
      childprocess (>= 0.2.5)
      multi_json (~> 1.0)
      rubyzip (< 1.0.0)
      websocket (~> 1.0.4)
    shoulda-matchers (1.4.2)
      activesupport (>= 3.0.0)
      bourne (~> 1.1.2)
    simplecov (0.5.4)
      multi_json (~> 1.0.3)
      simplecov-html (~> 0.5.3)
    simplecov-html (0.5.3)
    simplecov-rcov (0.2.3)
      simplecov (>= 0.4.1)
    sinatra (1.3.5)
      rack (~> 1.4)
      rack-protection (~> 1.3)
      tilt (~> 1.3, >= 1.3.3)
    sitemap_generator (4.2.0)
      builder
    slop (3.4.4)
    spork (0.9.2)
    sprockets (2.2.2)
      hike (~> 1.2)
      multi_json (~> 1.0)
      rack (~> 1.0)
      tilt (~> 1.1, != 1.3.0)
    sqlite3 (1.3.7)
    state_machine (1.1.2)
    state_machine-audit_trail (0.0.5)
      state_machine
    subexec (0.1.0)
    terminal-table (1.4.5)
    therubyracer (0.9.10)
      libv8 (~> 3.3.10)
    thin (1.5.0)
      daemons (>= 1.0.9)
      eventmachine (>= 0.12.6)
      rack (>= 1.0.0)
    thor (0.18.1)
    tilt (1.4.1)
    timecop (0.5.9.2)
    treetop (1.4.12)
      polyglot
      polyglot (>= 0.3.1)
    trollop (1.16.2)
    tzinfo (0.3.37)
    uglifier (1.0.4)
      execjs (>= 0.3.0)
      multi_json (>= 1.0.2)
    unicorn (4.1.1)
      kgio (~> 2.4)
      rack
      raindrops (~> 0.6)
    uniform_notifier (1.2.0)
    uuidtools (2.1.4)
    vcr (2.5.0)
    vegas (0.1.11)
      rack (>= 1.0.0)
    warden (1.2.1)
      rack (>= 1.0)
    wasabi (2.3.0)
      nokogiri (>= 1.4.0)
    watchr (0.7)
    webmock (1.13.0)
      addressable (>= 2.2.7)
      crack (>= 0.3.2)
    websocket (1.0.7)
    will_paginate (3.0.4)
    xpath (1.0.0)
      nokogiri (~> 1.3)
    yui-compressor (0.9.6)
      POpen4 (>= 0.1.4)
    zipruby (0.3.6)

PLATFORMS
  ruby

DEPENDENCIES
  SyslogLogger (~> 1.4.1)
  acts_as_list
  airbrake (~> 3.1.6)
  asset_sync (~> 0.5.0)
  awesome_print
  aws-sdk (~> 1.0)
  better_errors
  boleto_bancario!
  brcpfcnpj (= 3.0.4)
  bullet
  business_time
  cancan (~> 1.6.7)
  capistrano
  capistrano-maintenance
  capybara (= 2.0.2)
  carrierwave (~> 0.6.0)
  chaordic-packr (= 4.0.0)!
  ci_reporter!
  clearsale!
  curb
  dalli (= 2.0.2)
  database_cleaner
  delorean
  devise (~> 1.5.3)
  enumerate_it (~> 0.7.14)
  equivalent-xml (~> 0.2.9)
  factory_girl_rails (~> 4.2.0)
  faker
  fastercsv
  fb-channel-file
  fog (~> 1.2)
  fuubar
  glennfu-contacts (= 1.2.6)!
  guard-rspec
  guard-spork
  gyoku (= 0.4.6)
  haml
  haml-rails
  hpricot
  httpi (= 0.9.7)
  i18n (= 0.6.1)
  jasmine
  jquery-rails (~> 1.0.14)
  koala (~> 1.3.0)
  launchy
  meta_search
  mini_magick (= 3.3)
  moip (>= 1.0.2.3)!
  mysql2
  newrelic_rpm (>= 3.5.3.25)
  oa-oauth (~> 0.3.0)
  obraspag (>= 0.0.31)!
  oj
  omniauth (= 1.0.3)
  omniauth-facebook
  open4
  paper_trail (~> 2)
  parallel_tests
  piet!
  poltergeist
  pry
  pry-nav
  puma
  rack-mini-profiler
  rails (= 3.2.13)
  rails-erd
  rails-settings-cached
  rake (= 0.9.2)
  rb-fchange
  rb-fsevent
  rb-inotify (~> 0.9)
  redis-rails
  resque (~> 1.20.0)
  resque-pool
  resque-scheduler (~> 2.0.0)
  resque_mailer (~> 2.0.2)
  rspec-rails (~> 2.12.0)
  rubber (~> 2.0)!
  sass-rails (~> 3.2.3)
  savon (= 0.9.9)
  selenium-webdriver (~> 2.35.1)
  shoulda-matchers
  simplecov
  simplecov-rcov
  sitemap_generator
  spork (~> 0.9.2)
  sqlite3 (~> 1.3.6)
  state_machine (~> 1.1.0)
  state_machine-audit_trail (~> 0.0.5)
  therubyracer (~> 0.9.4)
  thin
  timecop
  uglifier (~> 1.0.3)
  unicorn (~> 4.1.1)
  vcr (~> 2.5.0)
  watchr
  webmock
  will_paginate
  yui-compressor
  zipruby
