GIT
  remote: git://github.com/olook/clearsale.git
  revision: 753e9e24103859f7a10e242caa05fb18ff7c6c38
  branch: master
  specs:
    clearsale (0.1.3)
      builder
      savon

GIT
  remote: git://github.com/olook/moip-ruby.git
  revision: 5532e53ecfec153ae9dce8f0e5b7d53da6b9967c
  branch: master
  specs:
    moip (1.0.2.3)
      activesupport (~> 3.2.2)
      httparty (~> 0.8.1)
      nokogiri (~> 1.5.0)

GIT
  remote: git://github.com/thoughtbot/capybara-webkit.git
  revision: 29c360eefadf129738c35762d5ba08a258e948fa
  specs:
    capybara-webkit (0.14.1)
      capybara (~> 2.0, >= 2.0.2)
      json

GIT
  remote: git@github.com:olook/chaordic-packr.git
  revision: 568baf36fe8765eff7d3b58f15617a3840e50712
  branch: master
  specs:
    chaordic-packr (4.0.0)

GIT
  remote: git@github.com:olook/obraspag.git
  revision: 732c6b8f99c5aee02441950350cdb91b91dd3b4a
  branch: master
  specs:
    obraspag (0.0.31)
      active_attr (>= 0.6)
      httpi (>= 0.9.7)
      json (>= 1.6.1)
      nokogiri (>= 1.4.7)
      savon (= 0.9.9)

PATH
  remote: vendor/gems
  specs:
    glennfu-contacts (1.2.6)
      fastercsv (>= 1.5.4)
      gdata_19 (>= 1.1.3)
      hpricot (>= 0.8.4)
      json (>= 1.1.1)

GEM
  remote: http://rubygems.org/
  specs:
    POpen4 (0.1.4)
      Platform (>= 0.4.0)
      open4
    Platform (0.4.0)
    SyslogLogger (1.4.1)
    actionmailer (3.2.2)
      actionpack (= 3.2.2)
      mail (~> 2.4.0)
    actionpack (3.2.2)
      activemodel (= 3.2.2)
      activesupport (= 3.2.2)
      builder (~> 3.0.0)
      erubis (~> 2.7.0)
      journey (~> 1.0.1)
      rack (~> 1.4.0)
      rack-cache (~> 1.1)
      rack-test (~> 0.6.1)
      sprockets (~> 2.1.2)
    active_attr (0.7.0)
      activemodel (>= 3.0.2, < 4.1)
      activesupport (>= 3.0.2, < 4.1)
    activemodel (3.2.2)
      activesupport (= 3.2.2)
      builder (~> 3.0.0)
    activerecord (3.2.2)
      activemodel (= 3.2.2)
      activesupport (= 3.2.2)
      arel (~> 3.0.2)
      tzinfo (~> 0.3.29)
    activeresource (3.2.2)
      activemodel (= 3.2.2)
      activesupport (= 3.2.2)
    activesupport (3.2.2)
      i18n (~> 0.6)
      multi_json (~> 1.0)
    addressable (2.3.2)
    airbrake (3.1.6)
      builder
      girl_friday
    akami (1.2.0)
      gyoku (>= 0.4.0)
      nokogiri (>= 1.4.0)
    archive-tar-minitar (0.5.2)
    arel (3.0.2)
    asset_sync (0.5.3)
      activemodel
      fog
    awesome_print (1.1.0)
    bcrypt-ruby (3.0.1)
    bourne (1.1.2)
      mocha (= 0.10.5)
    brcpfcnpj (3.0.4)
      actionpack (>= 3.0.0)
      activesupport (>= 3.0.0)
    builder (3.0.4)
    bullet (4.3.0)
      uniform_notifier
    business_time (0.6.1)
      activesupport (>= 3.1.0)
      tzinfo (~> 0.3.31)
    cancan (1.6.7)
    capistrano (2.14.1)
      highline
      net-scp (>= 1.0.0)
      net-sftp (>= 2.0.0)
      net-ssh (>= 2.0.14)
      net-ssh-gateway (>= 1.1.0)
    capistrano-maintenance (0.0.2)
      capistrano (>= 2.0.0)
    capybara (2.0.2)
      mime-types (>= 1.16)
      nokogiri (>= 1.3.3)
      rack (>= 1.0.0)
      rack-test (>= 0.5.4)
      selenium-webdriver (~> 2.0)
      xpath (~> 1.0.0)
    carrierwave (0.6.2)
      activemodel (>= 3.2.0)
      activesupport (>= 3.2.0)
    childprocess (0.3.6)
      ffi (~> 1.0, >= 1.0.6)
    choice (0.1.6)
    chronic (0.9.0)
    coderay (1.0.8)
    columnize (0.3.6)
    connection_pool (1.0.0)
    curb (0.8.3)
    daemons (1.1.9)
    dalli (2.0.2)
    database_cleaner (0.9.1)
    delorean (2.1.0)
      chronic
    devise (1.5.3)
      bcrypt-ruby (~> 3.0)
      orm_adapter (~> 0.0.3)
      warden (~> 1.1)
    diff-lcs (1.1.3)
    enumerate_it (0.7.17)
      activesupport (>= 3.0.0)
    equivalent-xml (0.2.9)
      nokogiri (>= 1.4.3)
    erubis (2.7.0)
    eventmachine (1.0.0)
    excon (0.9.6)
    execjs (1.4.0)
      multi_json (~> 1.0)
    factory_girl (4.2.0)
      activesupport (>= 3.0.0)
    factory_girl_rails (4.2.1)
      factory_girl (~> 4.2.0)
      railties (>= 3.0.0)
    faker (1.1.2)
      i18n (~> 0.5)
    fakeweb (1.3.0)
    faraday (0.7.6)
      addressable (~> 2.2)
      multipart-post (~> 1.1)
      rack (~> 1.1)
    fastercsv (1.5.5)
    ffi (1.3.1)
    fog (1.1.2)
      builder
      excon (~> 0.9.0)
      formatador (~> 0.2.0)
      mime-types
      multi_json (~> 1.0.3)
      net-scp (~> 1.0.4)
      net-ssh (>= 2.1.3)
      nokogiri (~> 1.5.0)
      ruby-hmac
    formatador (0.2.4)
    gdata_19 (1.1.5)
    girl_friday (0.11.2)
      connection_pool (~> 1.0)
      rubinius-actor
    guard (1.6.1)
      listen (>= 0.6.0)
      lumberjack (>= 1.0.2)
      pry (>= 0.9.10)
      thor (>= 0.14.6)
    guard-rspec (2.3.3)
      guard (>= 1.1)
      rspec (~> 2.11)
    guard-spork (1.4.1)
      childprocess (>= 0.2.3)
      guard (>= 1.1)
      spork (>= 0.8.4)
    gyoku (0.4.6)
      builder (>= 2.1.2)
    haml (3.1.7)
    haml-rails (0.3.5)
      actionpack (>= 3.1, < 4.1)
      activesupport (>= 3.1, < 4.1)
      haml (~> 3.1)
      railties (>= 3.1, < 4.1)
    hashie (1.2.0)
    highline (1.6.15)
    hike (1.2.1)
    hpricot (0.8.6)
    httparty (0.8.3)
      multi_json (~> 1.0)
      multi_xml
    httpi (0.9.7)
      rack
    i18n (0.6.1)
    journey (1.0.4)
    jquery-rails (1.0.19)
      railties (~> 3.0)
      thor (~> 0.14)
    json (1.7.6)
    kgio (2.7.4)
    koala (1.3.0)
      faraday (~> 0.7.0)
      multi_json (~> 1.0)
    launchy (2.1.2)
      addressable (~> 2.3)
    libv8 (3.3.10.4)
    libwebsocket (0.1.7.1)
      addressable
      websocket
    linecache19 (0.5.12)
      ruby_core_source (>= 0.1.4)
    listen (0.7.2)
    lumberjack (1.0.2)
    mail (2.4.4)
      i18n (>= 0.4.0)
      mime-types (~> 1.16)
      treetop (~> 1.4.8)
    meta_search (1.1.3)
      actionpack (~> 3.1)
      activerecord (~> 3.1)
      activesupport (~> 3.1)
      polyamorous (~> 0.5.0)
    metaclass (0.0.1)
    method_source (0.8.1)
    mime-types (1.19)
    mini_magick (3.3)
      subexec (~> 0.1.0)
    mocha (0.10.5)
      metaclass (~> 0.0.1)
    multi_json (1.0.4)
    multi_xml (0.4.4)
    multipart-post (1.1.5)
    mysql2 (0.3.11)
    net-scp (1.0.4)
      net-ssh (>= 1.99.1)
    net-sftp (2.0.5)
      net-ssh (>= 2.0.9)
    net-ssh (2.6.3)
    net-ssh-gateway (1.1.0)
      net-ssh (>= 1.99.1)
    newrelic_rpm (3.5.5.38)
    nokogiri (1.5.6)
    nori (1.1.4)
    oa-core (0.3.2)
    oa-oauth (0.3.2)
      faraday (~> 0.7.3)
      multi_json (~> 1.0.0)
      multi_xml (~> 0.4.0)
      oa-core (= 0.3.2)
      oauth (~> 0.4.0)
      oauth2 (~> 0.5.0)
    oauth (0.4.7)
    oauth2 (0.5.2)
      faraday (~> 0.7)
      multi_json (~> 1.0)
    oj (2.0.0)
    omniauth (1.0.3)
      hashie (~> 1.2)
      rack
    omniauth-facebook (1.2.0)
      omniauth-oauth2 (~> 1.0.0)
    omniauth-oauth2 (1.0.0)
      oauth2 (~> 0.5.0)
      omniauth (~> 1.0)
    open4 (1.3.0)
    orm_adapter (0.0.7)
    paper_trail (2.7.0)
      activerecord (~> 3.0)
      railties (~> 3.0)
    polyamorous (0.5.0)
      activerecord (~> 3.0)
    polyglot (0.3.3)
    pry (0.9.10)
      coderay (~> 1.0.5)
      method_source (~> 0.8)
      slop (~> 3.3.1)
    rack (1.4.4)
    rack-cache (1.2)
      rack (>= 0.4)
    rack-protection (1.3.2)
      rack
    rack-ssl (1.3.2)
      rack
    rack-test (0.6.2)
      rack (>= 1.0)
    rails (3.2.2)
      actionmailer (= 3.2.2)
      actionpack (= 3.2.2)
      activerecord (= 3.2.2)
      activeresource (= 3.2.2)
      activesupport (= 3.2.2)
      bundler (~> 1.0)
      railties (= 3.2.2)
    rails-erd (1.0.0)
      activerecord (>= 3.0)
      activesupport (>= 3.0)
      choice (~> 0.1.6)
      ruby-graphviz (~> 1.0.4)
    rails-settings-cached (0.2.4)
      rails (>= 3.0.0)
    railties (3.2.2)
      actionpack (= 3.2.2)
      activesupport (= 3.2.2)
      rack-ssl (~> 1.3.2)
      rake (>= 0.8.7)
      rdoc (~> 3.4)
      thor (~> 0.14.6)
    raindrops (0.10.0)
    rake (0.9.2)
    rb-fchange (0.0.6)
      ffi
    rb-fsevent (0.9.3)
    rb-inotify (0.9.0)
      ffi (>= 0.5.0)
    rdoc (3.12)
      json (~> 1.4)
    redis (2.2.2)
    redis-namespace (1.0.3)
      redis (< 3.0.0)
    resque (1.20.0)
      multi_json (~> 1.0)
      redis-namespace (~> 1.0.2)
      sinatra (>= 0.9.2)
      vegas (~> 0.1.2)
    resque-scheduler (2.0.0)
      redis (>= 2.0.1)
      resque (>= 1.20.0)
      rufus-scheduler
    resque_mailer (2.0.3)
      actionmailer (>= 3.0.0)
      resque (>= 1.2.3)
    rspec (2.12.0)
      rspec-core (~> 2.12.0)
      rspec-expectations (~> 2.12.0)
      rspec-mocks (~> 2.12.0)
    rspec-core (2.12.2)
    rspec-expectations (2.12.1)
      diff-lcs (~> 1.1.3)
    rspec-mocks (2.12.1)
    rspec-rails (2.12.2)
      actionpack (>= 3.0)
      activesupport (>= 3.0)
      railties (>= 3.0)
      rspec-core (~> 2.12.0)
      rspec-expectations (~> 2.12.0)
      rspec-mocks (~> 2.12.0)
    rubinius-actor (0.0.2)
      rubinius-core-api
    rubinius-core-api (0.0.1)
    ruby-debug-base19 (0.11.25)
      columnize (>= 0.3.1)
      linecache19 (>= 0.5.11)
      ruby_core_source (>= 0.1.4)
    ruby-debug19 (0.11.6)
      columnize (>= 0.3.1)
      linecache19 (>= 0.5.11)
      ruby-debug-base19 (>= 0.11.19)
    ruby-graphviz (1.0.8)
    ruby-hmac (0.4.0)
    ruby_core_source (0.1.5)
      archive-tar-minitar (>= 0.5.2)
    rubyzip (0.9.9)
    rufus-scheduler (2.0.17)
      tzinfo (>= 0.3.23)
    sass (3.2.5)
    sass-rails (3.2.6)
      railties (~> 3.2.0)
      sass (>= 3.1.10)
      tilt (~> 1.3)
    savon (0.9.9)
      akami (~> 1.0)
      builder (>= 2.1.2)
      gyoku (>= 0.4.0)
      httpi (~> 0.9)
      nokogiri (>= 1.4.0)
      nori (~> 1.1)
      wasabi (~> 2.1)
    selenium-webdriver (2.27.2)
      childprocess (>= 0.2.5)
      libwebsocket (~> 0.1.3)
      multi_json (~> 1.0)
      rubyzip
    shoulda-matchers (1.4.2)
      activesupport (>= 3.0.0)
      bourne (~> 1.1.2)
    simplecov (0.5.4)
      multi_json (~> 1.0.3)
      simplecov-html (~> 0.5.3)
    simplecov-html (0.5.3)
    sinatra (1.3.3)
      rack (~> 1.3, >= 1.3.6)
      rack-protection (~> 1.2)
      tilt (~> 1.3, >= 1.3.3)
    slop (3.3.3)
    spork (0.9.2)
    sprockets (2.1.3)
      hike (~> 1.2)
      rack (~> 1.0)
      tilt (~> 1.1, != 1.3.0)
    sqlite3 (1.3.7)
    state_machine (1.1.2)
    state_machine-audit_trail (0.0.5)
      state_machine
    subexec (0.1.0)
    therubyracer (0.9.10)
      libv8 (~> 3.3.10)
    thin (1.5.0)
      daemons (>= 1.0.9)
      eventmachine (>= 0.12.6)
      rack (>= 1.0.0)
    thor (0.14.6)
    tilt (1.3.3)
    timecop (0.5.9.2)
    treetop (1.4.12)
      polyglot
      polyglot (>= 0.3.1)
    tzinfo (0.3.35)
    uglifier (1.0.4)
      execjs (>= 0.3.0)
      multi_json (>= 1.0.2)
    unicorn (4.1.1)
      kgio (~> 2.4)
      rack
      raindrops (~> 0.6)
    uniform_notifier (1.1.1)
    vcr (1.11.3)
    vegas (0.1.11)
      rack (>= 1.0.0)
    warden (1.2.1)
      rack (>= 1.0)
    wasabi (2.3.0)
      nokogiri (>= 1.4.0)
    watchr (0.7)
    websocket (1.0.6)
    will_paginate (3.0.4)
    xpath (1.0.0)
      nokogiri (~> 1.3)
    yui-compressor (0.9.6)
      POpen4 (>= 0.1.4)
    zipruby (0.3.6)

PLATFORMS
  ruby

DEPENDENCIES
  SyslogLogger (~> 1.4.1)
  airbrake (~> 3.1.6)
  asset_sync (~> 0.5.0)
  awesome_print
  brcpfcnpj (= 3.0.4)
  bullet
  business_time
  cancan (~> 1.6.7)
  capistrano
  capistrano-maintenance
  capybara (= 2.0.2)
  capybara-webkit!
  carrierwave (~> 0.6.0)
  chaordic-packr (= 4.0.0)!
  clearsale!
  curb
  dalli (= 2.0.2)
  database_cleaner
  delorean
  devise (~> 1.5.3)
  enumerate_it (~> 0.7.14)
  equivalent-xml (~> 0.2.9)
  factory_girl_rails (~> 4.2.0)
  faker
  fakeweb
  fastercsv
  fog (~> 1.1.1)
  glennfu-contacts (= 1.2.6)!
  guard-rspec
  guard-spork
  gyoku (= 0.4.6)
  haml
  haml-rails
  hpricot
  httpi (= 0.9.7)
  i18n (= 0.6.1)
  jquery-rails (~> 1.0.14)
  koala (~> 1.3.0)
  launchy
  meta_search
  mini_magick (= 3.3)
  moip (>= 1.0.2.3)!
  mysql2
  newrelic_rpm (>= 3.5.3.25)
  oa-oauth (~> 0.3.0)
  obraspag (>= 0.0.31)!
  oj
  omniauth (= 1.0.3)
  omniauth-facebook
  paper_trail (~> 2)
  pry
  rails (= 3.2.2)
  rails-erd
  rails-settings-cached
  rake (= 0.9.2)
  rb-fchange
  rb-fsevent
  rb-inotify
  resque (~> 1.20.0)
  resque-scheduler (~> 2.0.0)
  resque_mailer (~> 2.0.2)
  rspec-rails (~> 2.12.0)
  ruby-debug19
  sass-rails (~> 3.2.3)
  savon (= 0.9.9)
  shoulda-matchers
  simplecov (~> 0.5.3)
  spork (~> 0.9.2)
  sqlite3 (~> 1.3.6)
  state_machine (~> 1.1.0)
  state_machine-audit_trail (~> 0.0.5)
  therubyracer (~> 0.9.4)
  thin
  timecop
  uglifier (~> 1.0.3)
  unicorn (~> 4.1.1)
  vcr (= 1.11.3)
  watchr
  will_paginate
  yui-compressor
  zipruby
