GIT
  remote: git://github.com/olook/moip-ruby.git
  revision: 3121eed978624d1e939a28f28157f45443275191
  specs:
    moip (1.0.2)
      activesupport (~> 3.1.0)
      httparty (~> 0.8.1)
      nokogiri (~> 1.5.0)

PATH
  remote: vendor/gems
  specs:
    glennfu-contacts (1.2.6)
      fastercsv (>= 1.5.4)
      gdata_19 (>= 1.1.3)
      hpricot (>= 0.8.4)
      json (>= 1.1.1)

GEM
  remote: http://rubygems.org/
  specs:
    SyslogLogger (1.4.0)
      hoe (>= 1.2.0)
    actionmailer (3.1.3)
      actionpack (= 3.1.3)
      mail (~> 2.3.0)
    actionpack (3.1.3)
      activemodel (= 3.1.3)
      activesupport (= 3.1.3)
      builder (~> 3.0.0)
      erubis (~> 2.7.0)
      i18n (~> 0.6)
      rack (~> 1.3.5)
      rack-cache (~> 1.1)
      rack-mount (~> 0.8.2)
      rack-test (~> 0.6.1)
      sprockets (~> 2.0.3)
    activemodel (3.1.3)
      activesupport (= 3.1.3)
      builder (~> 3.0.0)
      i18n (~> 0.6)
    activerecord (3.1.3)
      activemodel (= 3.1.3)
      activesupport (= 3.1.3)
      arel (~> 2.2.1)
      tzinfo (~> 0.3.29)
    activeresource (3.1.3)
      activemodel (= 3.1.3)
      activesupport (= 3.1.3)
    activesupport (3.1.3)
      multi_json (~> 1.0)
    addressable (2.2.6)
    airbrake (3.0.9)
      activesupport
      builder
    akami (1.0.0)
      gyoku (>= 0.4.0)
    archive-tar-minitar (0.5.2)
    arel (2.2.1)
    asset_sync (0.1.10)
      activemodel
      fog
    awesome_print (1.0.2)
    bcrypt-ruby (3.0.1)
    brcpfcnpj (3.0.4)
      actionpack (>= 3.0.0)
      activesupport (>= 3.0.0)
    builder (3.0.0)
    cancan (1.6.7)
    capistrano (2.9.0)
      highline
      net-scp (>= 1.0.0)
      net-sftp (>= 2.0.0)
      net-ssh (>= 2.0.14)
      net-ssh-gateway (>= 1.1.0)
    capybara (1.1.2)
      mime-types (>= 1.16)
      nokogiri (>= 1.3.3)
      rack (>= 1.0.0)
      rack-test (>= 0.5.4)
      selenium-webdriver (~> 2.0)
      xpath (~> 0.1.4)
    carrierwave (0.5.8)
      activesupport (~> 3.0)
    childprocess (0.3.1)
      ffi (~> 1.0.6)
    columnize (0.3.6)
    crack (0.3.1)
    curb (0.8.0)
    database_cleaner (0.6.7)
    devise (1.5.3)
      bcrypt-ruby (~> 3.0)
      orm_adapter (~> 0.0.3)
      warden (~> 1.1)
    diff-lcs (1.1.3)
    enumerate_it (0.7.11)
      activesupport (>= 2.3.2)
    erubis (2.7.0)
    excon (0.9.5)
    execjs (1.3.0)
      multi_json (~> 1.0)
    factory_girl (2.1.2)
      activesupport
    factory_girl_rails (1.2.0)
      factory_girl (~> 2.1.0)
      railties (>= 3.0.0)
    faker (1.0.1)
      i18n (~> 0.4)
    faraday (0.7.6)
      addressable (~> 2.2)
      multipart-post (~> 1.1)
      rack (~> 1.1)
    fastercsv (1.5.4)
    ffi (1.0.11)
    fog (1.1.2)
      builder
      excon (~> 0.9.0)
      formatador (~> 0.2.0)
      mime-types
      multi_json (~> 1.0.3)
      net-scp (~> 1.0.4)
      net-ssh (>= 2.1.3)
      nokogiri (~> 1.5.0)
      ruby-hmac
    formatador (0.2.1)
    gdata_19 (1.1.3)
    gelf (1.1.3)
      json
    graylog2_exceptions (1.3.0)
      gelf (= 1.1.3)
    guard (1.0.0)
      ffi (>= 0.5.0)
      thor (~> 0.14.6)
    guard-rspec (0.6.0)
      guard (>= 0.10.0)
    guard-spork (0.5.2)
      guard (>= 0.10.0)
      spork (>= 0.8.4)
    gyoku (0.4.4)
      builder (>= 2.1.2)
    hashie (1.2.0)
    highline (1.6.11)
    hike (1.2.1)
    hoe (2.13.1)
      rake (~> 0.8)
    hpricot (0.8.6)
    httparty (0.8.1)
      multi_json
      multi_xml
    httpi (0.9.5)
      rack
    i18n (0.6.0)
    jquery-rails (1.0.19)
      railties (~> 3.0)
      thor (~> 0.14)
    json (1.6.5)
    kgio (2.7.2)
    koala (1.3.0)
      faraday (~> 0.7.0)
      multi_json (~> 1.0)
    launchy (2.0.5)
      addressable (~> 2.2.6)
    libv8 (3.3.10.4)
    linecache19 (0.5.12)
      ruby_core_source (>= 0.1.4)
    mail (2.3.0)
      i18n (>= 0.4.0)
      mime-types (~> 1.16)
      treetop (~> 1.4.8)
    meta_search (1.1.3)
      actionpack (~> 3.1)
      activerecord (~> 3.1)
      activesupport (~> 3.1)
      polyamorous (~> 0.5.0)
    mime-types (1.17.2)
    mini_magick (3.3)
      subexec (~> 0.1.0)
    multi_json (1.0.4)
    multi_xml (0.4.1)
    multipart-post (1.1.4)
    mysql2 (0.3.11)
    net-scp (1.0.4)
      net-ssh (>= 1.99.1)
    net-sftp (2.0.5)
      net-ssh (>= 2.0.9)
    net-ssh (2.3.0)
    net-ssh-gateway (1.1.0)
      net-ssh (>= 1.99.1)
    newrelic_rpm (3.3.1)
    nokogiri (1.5.0)
    nori (1.0.2)
    oa-core (0.3.2)
    oa-oauth (0.3.2)
      faraday (~> 0.7.3)
      multi_json (~> 1.0.0)
      multi_xml (~> 0.4.0)
      oa-core (= 0.3.2)
      oauth (~> 0.4.0)
      oauth2 (~> 0.5.0)
    oauth (0.4.5)
    oauth2 (0.5.2)
      faraday (~> 0.7)
      multi_json (~> 1.0)
    omniauth (1.0.2)
      hashie (~> 1.2)
      rack
    omniauth-facebook (1.2.0)
      omniauth-oauth2 (~> 1.0.0)
    omniauth-oauth2 (1.0.0)
      oauth2 (~> 0.5.0)
      omniauth (~> 1.0)
    orm_adapter (0.0.6)
    paper_trail (2.6.0)
      rails (~> 3)
    polyamorous (0.5.0)
      activerecord (~> 3.0)
    polyglot (0.3.3)
    rack (1.3.6)
    rack-cache (1.1)
      rack (>= 0.4)
    rack-mount (0.8.3)
      rack (>= 1.0.0)
    rack-protection (1.2.0)
      rack
    rack-ssl (1.3.2)
      rack
    rack-test (0.6.1)
      rack (>= 1.0)
    rails (3.1.3)
      actionmailer (= 3.1.3)
      actionpack (= 3.1.3)
      activerecord (= 3.1.3)
      activeresource (= 3.1.3)
      activesupport (= 3.1.3)
      bundler (~> 1.0)
      railties (= 3.1.3)
    railties (3.1.3)
      actionpack (= 3.1.3)
      activesupport (= 3.1.3)
      rack-ssl (~> 1.3.2)
      rake (>= 0.8.7)
      rdoc (~> 3.4)
      thor (~> 0.14.6)
    raindrops (0.8.0)
    rake (0.8.7)
    rdoc (3.12)
      json (~> 1.4)
    redis (2.2.2)
    redis-namespace (1.0.3)
      redis (< 3.0.0)
    resque (1.19.0)
      multi_json (~> 1.0)
      redis-namespace (~> 1.0.2)
      sinatra (>= 0.9.2)
      vegas (~> 0.1.2)
    resque-scheduler (1.9.9)
      redis (>= 2.0.1)
      resque (>= 1.8.0)
      rufus-scheduler
    resque_mailer (2.0.2)
      actionmailer (>= 3.0.0)
      resque (>= 1.2.3)
    rspec (2.8.0)
      rspec-core (~> 2.8.0)
      rspec-expectations (~> 2.8.0)
      rspec-mocks (~> 2.8.0)
    rspec-core (2.8.0)
    rspec-expectations (2.8.0)
      diff-lcs (~> 1.1.2)
    rspec-mocks (2.8.0)
    rspec-rails (2.8.1)
      actionpack (>= 3.0)
      activesupport (>= 3.0)
      railties (>= 3.0)
      rspec (~> 2.8.0)
    ruby-debug-base19 (0.11.25)
      columnize (>= 0.3.1)
      linecache19 (>= 0.5.11)
      ruby_core_source (>= 0.1.4)
    ruby-debug19 (0.11.6)
      columnize (>= 0.3.1)
      linecache19 (>= 0.5.11)
      ruby-debug-base19 (>= 0.11.19)
    ruby-hmac (0.4.0)
    ruby_core_source (0.1.5)
      archive-tar-minitar (>= 0.5.2)
    rubyzip (0.9.6.1)
    rufus-scheduler (2.0.16)
      tzinfo (>= 0.3.23)
    sass (3.1.15)
    sass-rails (3.1.5)
      actionpack (~> 3.1.0)
      railties (~> 3.1.0)
      sass (~> 3.1.10)
      tilt (~> 1.3.2)
    savon (0.9.7)
      akami (~> 1.0)
      builder (>= 2.1.2)
      gyoku (>= 0.4.0)
      httpi (~> 0.9)
      nokogiri (>= 1.4.0)
      nori (~> 1.0)
      wasabi (~> 2.0)
    selenium-webdriver (2.19.0)
      childprocess (>= 0.2.5)
      ffi (~> 1.0.9)
      multi_json (~> 1.0.4)
      rubyzip
    shoulda-matchers (1.0.0)
    simplecov (0.5.4)
      multi_json (~> 1.0.3)
      simplecov-html (~> 0.5.3)
    simplecov-html (0.5.3)
    sinatra (1.3.2)
      rack (~> 1.3, >= 1.3.6)
      rack-protection (~> 1.2)
      tilt (~> 1.3, >= 1.3.3)
    spork (0.9.0)
    sprockets (2.0.3)
      hike (~> 1.2)
      rack (~> 1.0)
      tilt (~> 1.1, != 1.3.0)
    sqlite3 (1.3.5)
    state_machine (1.1.2)
    state_machine-audit_trail (0.0.5)
      state_machine
    subexec (0.1.0)
    therubyracer (0.9.9)
      libv8 (~> 3.3.10)
    thor (0.14.6)
    tilt (1.3.3)
    treetop (1.4.10)
      polyglot
      polyglot (>= 0.3.1)
    tzinfo (0.3.31)
    uglifier (1.0.4)
      execjs (>= 0.3.0)
      multi_json (>= 1.0.2)
    unicorn (4.1.1)
      kgio (~> 2.4)
      rack
      raindrops (~> 0.6)
    vcr (1.11.3)
    vegas (0.1.11)
      rack (>= 1.0.0)
    warden (1.1.0)
      rack (>= 1.0)
    wasabi (2.0.0)
      nokogiri (>= 1.4.0)
    watchr (0.7)
    webmock (1.7.10)
      addressable (~> 2.2, > 2.2.5)
      crack (>= 0.1.7)
    will_paginate (3.0.3)
    xpath (0.1.4)
      nokogiri (~> 1.3)
    zipruby (0.3.6)

PLATFORMS
  ruby

DEPENDENCIES
  SyslogLogger
  airbrake
  asset_sync (= 0.1.10)
  awesome_print
  brcpfcnpj (= 3.0.4)
  cancan (~> 1.6.7)
  capistrano
  capybara (~> 1.1.1)
  carrierwave (~> 0.5.8)
  curb
  database_cleaner (~> 0.6.7)
  devise (~> 1.5.3)
  enumerate_it
  factory_girl_rails (~> 1.2.0)
  faker
  fastercsv
  fog (~> 1.1.1)
  glennfu-contacts (= 1.2.6)!
  graylog2_exceptions
  guard-rspec
  guard-spork
  hpricot
  httpi
  jquery-rails (~> 1.0.14)
  koala (~> 1.3.0)
  launchy
  meta_search
  mini_magick (= 3.3)
  moip!
  mysql2
  newrelic_rpm
  oa-oauth (~> 0.3.0)
  omniauth-facebook
  paper_trail (~> 2)
  rails (= 3.1.3)
  rake (= 0.8.7)
  resque (~> 1.19.0)
  resque-scheduler
  resque_mailer (~> 2.0.2)
  rspec (~> 2.8.0)
  rspec-rails (~> 2.8.0)
  ruby-debug19
  sass-rails (= 3.1.5)
  savon
  shoulda-matchers
  simplecov (~> 0.5.3)
  spork (~> 0.9.0.rc)
  sqlite3
  state_machine (~> 1.1.0)
  state_machine-audit_trail (~> 0.0.5)
  therubyracer (~> 0.9.4)
  uglifier (~> 1.0.3)
  unicorn (~> 4.1.1)
  vcr (= 1.11.3)
  watchr
  webmock
  will_paginate
  zipruby
